GEM
  remote: http://rubygems.org/
  specs:
    activemodel (3.0.0.beta4)
      activesupport (= 3.0.0.beta4)
      builder (~> 2.1.2)
      i18n (~> 0.4.1)
    activesupport (3.0.0.beta4)
    bind (0.2.8)
      commander (>= 4.0.0)
    bourne (1.0)
      mocha (= 0.9.8)
    bson (1.0.3)
    bson_ext (1.0.1)
    builder (2.1.2)
    commander (4.0.3)
      highline (>= 1.5.0)
    crack (0.1.8)
    highline (1.5.2)
    i18n (0.4.1)
    json (1.4.3)
    json_pure (1.4.3)
    jspec (4.3.2)
      bind (>= 0.2.8)
      commander (>= 4.0.1)
      json_pure
      sinatra
    mocha (0.9.8)
      rake
    mongo (1.0.3)
      bson (= 1.0.3)
    mongoid (2.0.0.beta9)
      activemodel (~> 3.0.0.beta)
      bson (~> 1.0.3)
      mongo (~> 1.0.3)
      tzinfo (~> 0.3.22)
      will_paginate (~> 3.0.pre)
    rack (1.2.1)
    rack-test (0.5.4)
      rack (>= 1.0)
    rake (0.8.7)
    rspec (1.3.0)
    sinatra (1.0)
      rack (>= 1.0)
    tzinfo (0.3.22)
    validation_reflection (0.3.6)
    will_paginate (3.0.pre)

PLATFORMS
  ruby

DEPENDENCIES
  activemodel (= 3.0.0.beta4)
  bourne
  bson_ext (= 1.0.1)
  crack
  json
  jspec
  mongoid (= 2.0.0.beta9)
  rack-test
  rspec
  validation_reflection (= 0.3.6)
